PATH
  remote: .
  specs:
    conversational (0.4.0)
      activesupport
      i18n

GEM
  remote: http://rubygems.org/
  specs:
    activesupport (3.1.0)
      multi_json (~> 1.0)
    diff-lcs (1.1.2)
    i18n (0.5.0)
    multi_json (1.0.3)
    rake (0.9.2)
    rspec (2.5.0)
      rspec-core (~> 2.5.0)
      rspec-expectations (~> 2.5.0)
      rspec-mocks (~> 2.5.0)
    rspec-core (2.5.1)
    rspec-expectations (2.5.0)
      diff-lcs (~> 1.1.2)
    rspec-mocks (2.5.0)

PLATFORMS
  ruby

DEPENDENCIES
  conversational!
  rake
  rspec
